GEM
  remote: http://rubygems.org/
  specs:
    chunky_png (1.2.7)
    ffi (1.3.1)
    rmagick (2.13.1)
    rqrcode (0.4.2)
    rqrcode_png (0.1.1)
      chunky_png
      rqrcode
    zbar (0.1.1)
      ffi

PLATFORMS
  ruby

DEPENDENCIES
  rmagick (~> 2.13.1)
  rqrcode_png (~> 0.1.1)
  zbar (~> 0.1.1)
